GIT
  remote: git://github.com/Empact/roxml.git
  revision: 076f78c5481bbc08d54f0bd9424fd83ab8eda540
  specs:
    roxml (3.3.1)
      activesupport (>= 2.3.0)
      nokogiri (>= 1.3.3)

GEM
  remote: https://rubygems.org/
  specs:
    activesupport (3.2.11)
      i18n (~> 0.6)
      multi_json (~> 1.0)
    i18n (0.6.1)
    multi_json (1.5.0)
    nokogiri (1.5.5)

PLATFORMS
  ruby

DEPENDENCIES
  activesupport
  nokogiri
  roxml!
